GEM
  remote: http://rubygems.org/
  specs:
    addressable (2.3.5)
    chatterbot (0.7.1)
      launchy (>= 2.1.2)
      oauth
      twitter (= 4.8.1)
    faraday (0.8.8)
      multipart-post (~> 1.2.0)
    launchy (2.4.2)
      addressable (~> 2.3)
    mini_portile (0.5.2)
    multi_json (1.8.2)
    multipart-post (1.2.0)
    nokogiri (1.6.1)
      mini_portile (~> 0.5.0)
    oauth (0.4.7)
    simple_oauth (0.2.0)
    twitter (4.8.1)
      faraday (~> 0.8, < 0.10)
      multi_json (~> 1.0)
      simple_oauth (~> 0.2)

PLATFORMS
  ruby

DEPENDENCIES
  chatterbot
  nokogiri
